GEM
  remote: http://rubygems.org/
  specs:
    librmpd (0.1.1)
    minitest (3.3.0)
    rack (1.4.1)
    rack-protection (1.2.0)
      rack
    rack-test (0.6.1)
      rack (>= 1.0)
    rake (0.9.2.2)
    sinatra (1.3.3)
      rack (~> 1.3, >= 1.3.6)
      rack-protection (~> 1.2)
      tilt (~> 1.3, >= 1.3.3)
    tilt (1.3.3)

PLATFORMS
  ruby

DEPENDENCIES
  librmpd (~> 0.1.1)
  minitest
  rack-test
  rake
  sinatra (~> 1.3.3)
